GEM
  remote: https://rubygems.org/
  specs:
    rufo (0.2.0)

PLATFORMS
  ruby

DEPENDENCIES
  rufo

BUNDLED WITH
   1.16.1
