GEM
  remote: https://rubygems.org/
  specs:
    rufo (0.1.0)

PLATFORMS
  ruby

DEPENDENCIES
  rufo

BUNDLED WITH
   1.15.4
